PATH
  remote: .
  specs:
    hot_pepper (0.1.0)
      bundler (~> 2.0)
      faraday (>= 1.0)
      faraday-encoding
      faraday_middleware
      hashie
      rake (~> 13.0)
      rspec (~> 3.0)

GEM
  remote: https://rubygems.org/
  specs:
    ast (2.4.2)
    diff-lcs (1.4.4)
    faraday (1.3.0)
      faraday-net_http (~> 1.0)
      multipart-post (>= 1.2, < 3)
      ruby2_keywords
    faraday-encoding (0.0.5)
      faraday
    faraday-net_http (1.0.1)
    faraday_middleware (1.0.0)
      faraday (~> 1.0)
    hashie (4.1.0)
    multipart-post (2.1.1)
    parallel (1.20.1)
    parser (3.0.0.0)
      ast (~> 2.4.1)
    rainbow (3.0.0)
    rake (13.0.3)
    regexp_parser (2.0.3)
    rexml (3.2.4)
    rspec (3.10.0)
      rspec-core (~> 3.10.0)
      rspec-expectations (~> 3.10.0)
      rspec-mocks (~> 3.10.0)
    rspec-core (3.10.1)
      rspec-support (~> 3.10.0)
    rspec-expectations (3.10.1)
      diff-lcs (>= 1.2.0, < 2.0)
      rspec-support (~> 3.10.0)
    rspec-mocks (3.10.1)
      diff-lcs (>= 1.2.0, < 2.0)
      rspec-support (~> 3.10.0)
    rspec-support (3.10.1)
    rubocop (1.8.1)
      parallel (~> 1.10)
      parser (>= 3.0.0.0)
      rainbow (>= 2.2.2, < 4.0)
      regexp_parser (>= 1.8, < 3.0)
      rexml
      rubocop-ast (>= 1.2.0, < 2.0)
      ruby-progressbar (~> 1.7)
      unicode-display_width (>= 1.4.0, < 3.0)
    rubocop-ast (1.4.1)
      parser (>= 2.7.1.5)
    ruby-progressbar (1.11.0)
    ruby2_keywords (0.0.4)
    unicode-display_width (2.0.0)

PLATFORMS
  x86_64-darwin-19

DEPENDENCIES
  hot_pepper!
  rake (~> 13.0)
  rspec (~> 3.0)
  rubocop (~> 1.7)

BUNDLED WITH
   2.2.6
